GIT
  remote: git@github.com:GabrielRotbart/microsoft_translator.git
  revision: 66b1165fe873a7ddf9114f4be10458afa757cd07
  specs:
    microsoft_translator (0.1.1)
      nokogiri (>= 1.4.0)
      rest-client (>= 1.6.0)

GEM
  remote: https://rubygems.org/
  specs:
    coderay (1.0.7)
    diff-lcs (1.1.3)
    httparty (0.8.3)
      multi_json (~> 1.0)
      multi_xml
    method_source (0.8)
    mime-types (1.19)
    multi_json (1.3.6)
    multi_xml (0.5.1)
    nokogiri (1.5.5)
    pry (0.9.10)
      coderay (~> 1.0.5)
      method_source (~> 0.8)
      slop (~> 3.3.1)
    rest-client (1.6.7)
      mime-types (>= 1.16)
    rspec (2.11.0)
      rspec-core (~> 2.11.0)
      rspec-expectations (~> 2.11.0)
      rspec-mocks (~> 2.11.0)
    rspec-core (2.11.1)
    rspec-expectations (2.11.2)
      diff-lcs (~> 1.1.3)
    rspec-mocks (2.11.2)
    slop (3.3.2)
    to_lang (0.3.1)
      httparty (~> 0.8.0)

PLATFORMS
  ruby

DEPENDENCIES
  microsoft_translator!
  pry
  rspec
  to_lang
