PATH
  remote: ~/projects/microsoft_translator
  specs:
    microsoft_translator (0.1.1)
      nokogiri (>= 1.4.0)
      rest-client (>= 1.6.0)

GEM
  remote: https://rubygems.org/
  specs:
    diff-lcs (1.1.3)
    mime-types (1.19)
    nokogiri (1.5.5)
    rest-client (1.6.7)
      mime-types (>= 1.16)
    rspec (2.10.0)
      rspec-core (~> 2.10.0)
      rspec-expectations (~> 2.10.0)
      rspec-mocks (~> 2.10.0)
    rspec-core (2.10.0)
    rspec-expectations (2.10.0)
      diff-lcs (~> 1.1.3)
    rspec-mocks (2.10.1)

PLATFORMS
  ruby

DEPENDENCIES
  microsoft_translator!
  rspec
